PATH
  remote: .
  specs:
    patriot-workflow-scheduler (0.0.1)
      activesupport (< 3.1)
      inifile
      json
      log4r
      rest-client
      thor

GEM
  remote: http://rubygems.org/
  specs:
    activesupport (3.0.20)
    inifile (2.0.2)
    json (1.8.0)
    log4r (1.1.10)
    mime-types (1.23)
    rest-client (1.6.7)
      mime-types (>= 1.16)
    thor (0.18.1)

PLATFORMS
  ruby

DEPENDENCIES
  patriot-workflow-scheduler!
